GEM
  remote: https://rubygems.org/
  specs:
    autostacker24 (2.6.0)
      aws-sdk-core (~> 2)
      json (~> 2.0)
      json_pure (~> 2.0)
    aws-sdk-core (2.8.5)
      aws-sigv4 (~> 1.0)
      jmespath (~> 1.0)
    aws-sigv4 (1.0.0)
    jmespath (1.3.1)
    json (2.0.3)
    json_pure (2.0.3)
    rake (12.0.0)

PLATFORMS
  ruby

DEPENDENCIES
  autostacker24
  json
  rake

BUNDLED WITH
   1.14.6
